GEM
  remote: https://rubygems.org/
  specs:
    backports (3.3.5)
    builder (3.2.2)
    diff-lcs (1.2.4)
    faraday (0.8.8)
      multipart-post (~> 1.2.0)
    faraday_middleware (0.9.0)
      faraday (>= 0.7.4, < 0.9)
    haml (4.0.3)
      tilt
    hashie (2.0.5)
    linguistics (2.0.2)
      loggability (~> 0.5)
    loggability (0.8.1)
    multi_json (1.8.2)
    multipart-post (1.2.0)
    rack (1.5.2)
    rack-protection (1.5.1)
      rack
    rack-test (0.6.2)
      rack (>= 1.0)
    rspec (2.14.1)
      rspec-core (~> 2.14.0)
      rspec-expectations (~> 2.14.0)
      rspec-mocks (~> 2.14.0)
    rspec-core (2.14.6)
    rspec-expectations (2.14.3)
      diff-lcs (>= 1.1.3, < 2.0)
    rspec-mocks (2.14.4)
    sinatra (1.4.4)
      rack (~> 1.4)
      rack-protection (~> 1.4)
      tilt (~> 1.3, >= 1.3.4)
    sinatra-contrib (1.4.1)
      backports (>= 2.0)
      multi_json
      rack-protection
      rack-test
      sinatra (~> 1.4.0)
      tilt (~> 1.3)
    teamcity-ruby-client (1.0.0)
      builder (>= 3.0)
      faraday (~> 0.8.5)
      faraday_middleware (~> 0.9.0)
      hashie (~> 2.0.0)
      linguistics (~> 2.0.2)
    tilt (1.4.1)

PLATFORMS
  ruby

DEPENDENCIES
  haml
  rack-test
  rspec
  sinatra
  sinatra-contrib
  teamcity-ruby-client
