GEM
  remote: https://rubygems.org/
  specs:
    backports (3.17.2)
    diff-lcs (1.3)
    faraday (0.9.2)
      multipart-post (>= 1.2, < 3)
    faraday_middleware (0.9.2)
      faraday (>= 0.7.4, < 0.10)
    haml (5.1.2)
      temple (>= 0.8.0)
      tilt
    hashie (4.1.0)
    jruby-jars (9.2.11.1)
    jruby-openssl (0.10.4-java)
    jruby-rack (1.1.21)
    multi_json (1.14.1)
    multipart-post (2.1.1)
    mustermann (1.1.1)
      ruby2_keywords (~> 0.0.1)
    rack (2.2.2)
    rack-protection (2.0.8.1)
      rack
    rack-test (1.1.0)
      rack (>= 1.0, < 3)
    rake (13.0.1)
    rspec (3.9.0)
      rspec-core (~> 3.9.0)
      rspec-expectations (~> 3.9.0)
      rspec-mocks (~> 3.9.0)
    rspec-core (3.9.2)
      rspec-support (~> 3.9.3)
    rspec-expectations (3.9.2)
      diff-lcs (>= 1.2.0, < 2.0)
      rspec-support (~> 3.9.0)
    rspec-mocks (3.9.1)
      diff-lcs (>= 1.2.0, < 2.0)
      rspec-support (~> 3.9.0)
    rspec-support (3.9.3)
    ruby2_keywords (0.0.2)
    rubyzip (1.3.0)
    sinatra (2.0.8.1)
      mustermann (~> 1.0)
      rack (~> 2.0)
      rack-protection (= 2.0.8.1)
      tilt (~> 2.0)
    sinatra-contrib (2.0.8.1)
      backports (>= 2.8.2)
      multi_json
      mustermann (~> 1.0)
      rack-protection (= 2.0.8.1)
      sinatra (= 2.0.8.1)
      tilt (~> 2.0)
    sinatra-twitter-bootstrap (2.3.4)
    teamcity-ruby-client (1.3.1)
      faraday (~> 0.9.0)
      faraday_middleware (~> 0.9.0)
      hashie (>= 2.0)
    temple (0.8.2)
    tilt (2.0.10)
    warbler (2.0.5)
      jruby-jars (>= 9.0.0.0)
      jruby-rack (>= 1.1.1, < 1.3)
      rake (>= 10.1.0)
      rubyzip (~> 1.0, < 1.4)
    zip-zip (0.3)
      rubyzip (>= 1.0.0)

PLATFORMS
  java
  ruby

DEPENDENCIES
  haml
  jruby-openssl
  rack-test
  rspec
  sinatra
  sinatra-contrib
  sinatra-twitter-bootstrap
  teamcity-ruby-client
  warbler
  zip-zip

BUNDLED WITH
   2.1.4
